GEM
  remote: https://rubygems.org/
  specs:
    rack (3.1.10)
    rackup (2.2.1)
      rack (>= 3)
    rulers (0.0.1)
      rack
      rackup
      webrick
    webrick (1.9.1)

PLATFORMS
  ruby
  x86_64-linux

DEPENDENCIES
  rulers

BUNDLED WITH
   2.6.3
